GEM
  remote: https://rubygems.org/
  specs:
    connection_pool (2.2.0)
    ffi (1.9.14)
    listen (3.0.8)
      rb-fsevent (~> 0.9, >= 0.9.4)
      rb-inotify (~> 0.9, >= 0.9.7)
    rb-fsevent (0.9.7)
    rb-inotify (0.9.7)
      ffi (>= 0.5.0)
    rerun (0.11.0)
      listen (~> 3.0)

PLATFORMS
  ruby

DEPENDENCIES
  connection_pool
  rerun

BUNDLED WITH
   1.12.5
